GEM
  remote: https://rubygems.org/
  specs:
    eventmachine (1.2.0.1-x86-mingw32)
    geometry (6.5)
    minitest (5.8.4)
    rake (11.1.2)
    table_print (1.5.6)

PLATFORMS
  x86-mingw32

DEPENDENCIES
  bundler
  eventmachine
  geometry
  minitest
  rake
  table_print
