GEM
  remote: https://rubygems.org/
  specs:
    addressable (2.3.8)
    ansi (1.5.0)
    builder (3.2.2)
    geometry (6.5)
    json-schema (2.6.2)
      addressable (~> 2.3.8)
    m3pi (0.1.4)
      xbee-ruby
    minitest (5.8.4)
    minitest-reporters (1.1.9)
      ansi
      builder
      minitest (>= 5.0)
      ruby-progressbar
    rake (11.1.2)
    ruby-progressbar (1.8.1)
    serialport (1.3.1)
    table_print (1.5.6)
    xbee-ruby (0.0.4)
      serialport (>= 1.1.0)

PLATFORMS
  ruby
  x86-mingw32

DEPENDENCIES
  bundler
  geometry
  json-schema (~> 2.6, >= 2.6.2)
  m3pi
  minitest
  minitest-reporters
  rake
  table_print

BUNDLED WITH
   1.12.4
