GEM
  remote: https://rubygems.org/
  specs:
    ansi (1.5.0)
    builder (3.2.2)
    geometry (6.5)
    minitest (5.8.4)
    minitest-reporters (1.1.9)
      ansi
      builder
      minitest (>= 5.0)
      ruby-progressbar
    rake (11.1.2)
    ruby-progressbar (1.8.1)
    table_print (1.5.6)

PLATFORMS
  ruby
  x86-mingw32

DEPENDENCIES
  bundler
  geometry
  minitest
  minitest-reporters
  rake
  table_print

BUNDLED WITH
   1.12.4
